PATH
  remote: .
  specs:
    filter8 (0.1)
      faraday

GEM
  remote: https://rubygems.org/
  specs:
    diff-lcs (1.2.5)
    faraday (0.9.0)
      multipart-post (>= 1.2, < 3)
    multipart-post (2.0.0)
    rake (10.1.1)
    rspec (2.14.1)
      rspec-core (~> 2.14.0)
      rspec-expectations (~> 2.14.0)
      rspec-mocks (~> 2.14.0)
    rspec-core (2.14.8)
    rspec-expectations (2.14.5)
      diff-lcs (>= 1.1.3, < 2.0)
    rspec-mocks (2.14.6)
    timecop (0.6.3)

PLATFORMS
  ruby

DEPENDENCIES
  filter8!
  rake (~> 10.1.0)
  rspec (~> 2.14.1)
  timecop
